GIT
  remote: git@github.com:RBM-Technologies/ruby-elm-compiler
  revision: c94bd735c835652386d55334334681448377fc02
  specs:
    elm-compiler (0.4.0)

GEM
  remote: https://rubygems.org/
  specs:

PLATFORMS
  ruby

DEPENDENCIES
  elm-compiler (~> 0.4.0)!

BUNDLED WITH
   2.0.1
